GEM
  remote: https://rubygems.org/
  specs:
    bootstrap-sass (3.3.1.0)
      sass (~> 3.2)
    breakpoint (2.5.0)
      sass (~> 3.3)
      sassy-maps (< 1.0.0)
    chunky_png (1.3.4)
    compass (1.0.3)
      chunky_png (~> 1.2)
      compass-core (~> 1.0.2)
      compass-import-once (~> 1.0.5)
      rb-fsevent (>= 0.9.3)
      rb-inotify (>= 0.9)
      sass (>= 3.3.13, < 3.5)
    compass-core (1.0.3)
      multi_json (~> 1.0)
      sass (>= 3.3.0, < 3.5)
    compass-import-once (1.0.5)
      sass (>= 3.2, < 3.5)
    compass-normalize (1.4.3)
      compass (>= 0.12.0)
    compass_radix (3.1.5)
      bootstrap-sass (~> 3.2)
      compass (~> 1.0)
    ffi (1.9.8)
    multi_json (1.11.0)
    rainbow (2.0.0)
    rb-fsevent (0.9.4)
    rb-inotify (0.9.5)
      ffi (>= 0.5.0)
    sass (3.4.13)
    sass-globbing (1.1.1)
      sass (>= 3.1)
    sassy-maps (0.4.0)
      sass (~> 3.3)
    scss-lint (0.35.0)
      rainbow (~> 2.0)
      sass (~> 3.4.1)
    toolkit (2.7.0)
      sass (~> 3.3)

PLATFORMS
  ruby

DEPENDENCIES
  bootstrap-sass (~> 3.2)
  breakpoint
  compass
  compass-normalize (~> 1.4.3)
  compass_radix (~> 3.1.5)
  sass
  sass-globbing (~> 1.1.1)
  scss-lint
  toolkit (~> 2.6)
